GIT
  remote: https://github.com/rodjek/puppet-lint.git
  revision: a2621c97051af7052d56571f0384e778fc806bf1
  branch: master
  specs:
    puppet-lint (1.0.1)

GEM
  remote: https://rubygems.org/
  specs:
    CFPropertyList (2.2.8)
    builder (3.2.2)
    bundler-unload (1.0.2)
    ci_reporter (2.0.0)
      builder (>= 2.1.2)
    colored (1.2)
    cri (2.5.0)
      colored (~> 1.2)
    diff-lcs (1.2.5)
    facter (2.1.0)
      CFPropertyList (~> 2.2.6)
    faraday (0.8.9)
      multipart-post (~> 1.2.0)
    faraday_middleware (0.9.1)
      faraday (>= 0.7.4, < 0.10)
    faraday_middleware-multi_json (0.0.6)
      faraday_middleware
      multi_json
    hiera (1.3.4)
      json_pure
    hiera-puppet (1.0.0)
      hiera (~> 1.0)
    json (1.8.1)
    json_pure (1.8.1)
    log4r (1.1.10)
    metaclass (0.0.4)
    minitest (5.4.0)
    mocha (1.1.0)
      metaclass (~> 0.0.1)
    multi_json (1.8.4)
    multipart-post (1.2.0)
    power_assert (0.1.3)
    puppet (3.6.2)
      facter (> 1.6, < 3)
      hiera (~> 1.0)
      json_pure
      rgen (~> 0.6.5)
    puppet-syntax (1.3.0)
      rake
    puppetlabs_spec_helper (0.8.0)
      mocha
      puppet-lint
      puppet-syntax
      rake
      rspec
      rspec-puppet
    r10k (1.3.2)
      colored (>= 1.2)
      cri (~> 2.5.0)
      faraday (~> 0.8.8)
      faraday_middleware (~> 0.9.0)
      faraday_middleware-multi_json (~> 0.0.5)
      json_pure (~> 1.8.1)
      log4r (>= 1.1.10)
      multi_json (~> 1.8.2)
      systemu (~> 2.5.2)
    rake (10.3.2)
    rdoc (4.1.1)
      json (~> 1.4)
    rgen (0.6.6)
    rspec (3.0.0)
      rspec-core (~> 3.0.0)
      rspec-expectations (~> 3.0.0)
      rspec-mocks (~> 3.0.0)
    rspec-core (3.0.4)
      rspec-support (~> 3.0.0)
    rspec-expectations (3.0.4)
      diff-lcs (>= 1.2.0, < 2.0)
      rspec-support (~> 3.0.0)
    rspec-hiera-puppet (1.0.0)
      hiera (>= 1.0)
      hiera-puppet (>= 1.0)
      puppet (>= 3.0)
      rspec
      rspec-puppet
    rspec-mocks (3.0.4)
      rspec-support (~> 3.0.0)
    rspec-puppet (1.0.1)
      rspec
    rspec-support (3.0.4)
    rspec_junit_formatter (0.2.0)
      builder (< 4)
      rspec (>= 2, < 4)
      rspec-core (!= 2.12.0)
    system_timer (1.2.4)
    systemu (2.5.2)
    test-unit (3.0.1)
      power_assert

PLATFORMS
  ruby

DEPENDENCIES
  bundler
  bundler-unload
  ci_reporter
  json
  json_pure
  minitest
  puppet
  puppet-lint!
  puppetlabs_spec_helper
  r10k
  rake
  rdoc
  rgen
  rspec
  rspec-hiera-puppet
  rspec-puppet
  rspec_junit_formatter
  system_timer
  test-unit
